GEM
  remote: https://rubygems.org/
  specs:
    dotenv (2.0.2)
    httparty (0.13.5)
      json (~> 1.8)
      multi_xml (>= 0.5.2)
    json (1.8.3)
    minitest (5.8.0)
    multi_xml (0.5.5)
    rack (1.6.4)
    rack-protection (1.5.3)
      rack
    rack-test (0.6.3)
      rack (>= 1.0)
    rake (10.4.2)
    sinatra (1.4.6)
      rack (~> 1.4)
      rack-protection (~> 1.4)
      tilt (>= 1.3, < 3)
    slack-notifier (1.2.1)
    tilt (2.0.1)

PLATFORMS
  ruby

DEPENDENCIES
  dotenv
  httparty
  minitest (~> 5.2)
  rack-test (~> 0.6)
  rake (~> 10.0)
  sinatra
  slack-notifier

BUNDLED WITH
   1.10.6
