GEM
  remote: https://rubygems.org/
  specs:
    fakeredis (0.5.0)
      redis (~> 3.0)
    hiredis (0.6.0)
    minitest (5.8.0)
    rack (1.6.4)
    rack-protection (1.5.3)
      rack
    rack-test (0.6.3)
      rack (>= 1.0)
    rake (10.4.2)
    redis (3.2.1)
    sequel (4.26.0)
    sinatra (1.4.6)
      rack (~> 1.4)
      rack-protection (~> 1.4)
      tilt (>= 1.3, < 3)
    tilt (2.0.1)

PLATFORMS
  ruby

DEPENDENCIES
  fakeredis (~> 0.4)
  hiredis (~> 0.4)
  minitest (~> 5.2)
  rack-test (~> 0.6)
  rake (~> 10.0)
  redis (~> 3.0)
  sequel
  sinatra (~> 1.4)

BUNDLED WITH
   1.10.6
